GEM
  remote: http://rubygems.org/
  specs:
    actionmailer (2.3.11)
      actionpack (= 2.3.11)
    actionpack (2.3.11)
      activesupport (= 2.3.11)
      rack (~> 1.1.0)
    activerecord (2.3.11)
      activesupport (= 2.3.11)
    activeresource (2.3.11)
      activesupport (= 2.3.11)
    activesupport (2.3.11)
    coderay (0.9.8)
    edavis10-object_daddy (0.4.3)
    googlecharts (1.6.7)
    i18n (0.4.2)
    mini_magick (3.3)
      subexec (~> 0.1.0)
    mocha (0.9.12)
    mysql (2.8.1)
    mysql2 (0.2.7)
    pg (0.9.0)
    rack (1.1.2)
    rails (2.3.11)
      actionmailer (= 2.3.11)
      actionpack (= 2.3.11)
      activerecord (= 2.3.11)
      activeresource (= 2.3.11)
      activesupport (= 2.3.11)
      rake (>= 0.8.3)
    rake (0.9.1)
    rmagick (1.15.17)
    ruby-openid (2.1.8)
    rubytree (0.5.3)
    shoulda (2.10.3)
    sqlite3-ruby (1.2.5)
    subexec (0.1.0)

PLATFORMS
  ruby

DEPENDENCIES
  activerecord-jdbcmysql-adapter
  activerecord-jdbcpostgresql-adapter
  activerecord-jdbcsqlite3-adapter
  coderay (~> 0.9.7)
  edavis10-object_daddy
  googlecharts
  i18n (~> 0.4.2)
  jruby-openssl
  mini_magick
  mocha
  mysql
  mysql2 (~> 0.2.7)
  pg (~> 0.9.0)
  rails (= 2.3.11)
  rmagick (~> 1.15.17)
  ruby-openid (~> 2.1.4)
  rubytree (~> 0.5.2)
  shoulda (~> 2.10.3)
  sqlite3-ruby (< 1.3)
